PATH
  remote: .
  specs:
    moiristo-tileup (1.0.1)

GEM
  remote: https://rubygems.org/
  specs:
    coderay (1.1.2)
    metaclass (0.0.4)
    method_source (0.9.0)
    mini_magick (4.8.0)
    minitest (5.11.3)
    mocha (1.3.0)
      metaclass (~> 0.0.1)
    pry (0.11.3)
      coderay (~> 1.1.0)
      method_source (~> 0.9.0)
    rake (10.5.0)
    rmagick (2.16.0)

PLATFORMS
  ruby

DEPENDENCIES
  bundler (~> 1.13)
  mini_magick (~> 4.7)
  minitest (~> 5.10)
  mocha
  moiristo-tileup!
  pry
  rake (~> 10.0)
  rmagick (~> 2.16)

BUNDLED WITH
   1.16.1
