PATH
  remote: .
  specs:
    tileup (0.2.0)

GEM
  remote: https://rubygems.org/
  specs:
    coderay (1.1.0)
    method_source (0.8.2)
    mini_magick (4.7.0)
    minitest (5.10.2)
    pry (0.10.3)
      coderay (~> 1.1.0)
      method_source (~> 0.8.1)
      slop (~> 3.4)
    rake (10.5.0)
    rmagick (2.16.0)
    slop (3.6.0)

PLATFORMS
  ruby

DEPENDENCIES
  bundler (~> 1.13)
  mini_magick (~> 4.7)
  minitest (~> 5.10)
  pry
  rake (~> 10.0)
  rmagick (~> 2.16)
  tileup!

BUNDLED WITH
   1.13.6
