PATH
  remote: .
  specs:
    tileup (0.2.0)

GEM
  remote: https://rubygems.org/
  specs:
    mini_magick (4.7.0)
    minitest (5.10.2)
    rake (10.5.0)
    rmagick (2.16.0)

PLATFORMS
  ruby

DEPENDENCIES
  bundler (~> 1.13)
  mini_magick (~> 4.7)
  minitest (~> 5.10)
  rake (~> 10.0)
  rmagick (~> 2.16)
  tileup!

BUNDLED WITH
   1.13.6
